{
    "ReconMatrixPE":256,
    "PatientPosition":"HFS",
    "BaseResolution":256,
    "MRAcquisitionType":"3D",
    "PartialFourier":1,
    "PhaseEncodingSteps":282,
    "ConversionSoftwareVersion":"v1.0.20171017 GCC4.8.4",
    "PhaseResolution":1,
    "SeriesDescription":"T1w_3D_2",
    "AcquisitionMatrixPE":256,
    "SoftwareVersions":"syngo_MR_B17",
    "InstitutionAddress":"Wilson_Avenue_340_Pasadena_California_US_91025",
    "ProtocolName":"T1w_3D_2",
    "MagneticFieldStrength":3,
    "RepetitionTime":2.4,
    "ManufacturersModelName":"TrioTim",
    "TxRefAmp":309.825,
    "ScanOptions":"IR_DB_WE",
    "AcquisitionTime":"15:10:46.705000",
    "Manufacturer":"Siemens",
    "PixelBandwidth":210,
    "PulseSequenceDetails":"%SiemensSeq%_tfl",
    "ConversionSoftware":"dcm2niix",
    "SAR":0.0944891,
    "InversionTime":1,
    "InstitutionalDepartmentName":"Department",
    "SequenceVariant":"SP_MP_OSP",
    "ProcedureStepDescription":"Conte_Core",
    "ScanningSequence":"GR_IR",
    "InstitutionName":"Caltech_Tim32",
    "ImageType":[
        "ORIGINAL",
        "PRIMARY",
        "M",
        "DIS2D"
    ],
    "StationName":"MEDPC",
    "ParallelReductionFactorInPlane":2,
    "ShimSetting":[
        9521,
        -10600,
        15521,
        413,
        -169,
        -428,
        -324,
        44
    ],
    "InPlanePhaseEncodingDirectionDICOM":"ROW",
    "ImageOrientationPatientDICOM":[
        0,
        1,
        0,
        0,
        0,
        -1
    ],
    "PhaseOversampling":0.1,
    "SliceThickness":1,
    "DeviceSerialNumber":"35077",
    "SequenceName":"_tfl3d1",
    "Modality":"MR",
    "FlipAngle":8,
    "ReceiveCoilName":"32Ch_Head",
    "PercentPhaseFOV":100,
    "SeriesNumber":17,
    "DwellTime":9.3e-06,
    "AcquisitionNumber":1,
    "EchoTime":0.00256
}