{
    "ReconMatrixPE":256,
    "PatientPosition":"HFS",
    "BaseResolution":256,
    "MRAcquisitionType":"3D",
    "PartialFourier":1,
    "PhaseEncodingSteps":256,
    "ConversionSoftwareVersion":"v1.0.20171017 GCC4.8.4",
    "PhaseResolution":1,
    "SeriesDescription":"T1_1",
    "AcquisitionMatrixPE":256,
    "SoftwareVersions":"syngo_MR_B17",
    "InstitutionAddress":"Wilson_Avenue_340_Pasadena_California_US_91025",
    "ProtocolName":"T1_1",
    "MagneticFieldStrength":3,
    "RepetitionTime":1.5,
    "ManufacturersModelName":"TrioTim",
    "TxRefAmp":314.067,
    "ScanOptions":"IR",
    "AcquisitionTime":"11:26:36.380000",
    "Manufacturer":"Siemens",
    "PixelBandwidth":179,
    "PulseSequenceDetails":"%SiemensSeq%_tfl",
    "ConversionSoftware":"dcm2niix",
    "SAR":0.125102,
    "InversionTime":0.8,
    "InstitutionalDepartmentName":"Department",
    "SequenceVariant":"SP_MP",
    "ProcedureStepDescription":"Conte_Core",
    "ScanningSequence":"GR_IR",
    "InstitutionName":"Caltech_Tim32",
    "ImageType":[
        "ORIGINAL",
        "PRIMARY",
        "M",
        "ND",
        "NORM"
    ],
    "StationName":"MEDPC",
    "ShimSetting":[
        9516,
        -10483,
        15761,
        647,
        -222,
        -128,
        269,
        108
    ],
    "InPlanePhaseEncodingDirectionDICOM":"ROW",
    "ImageOrientationPatientDICOM":[
        0,
        1,
        0,
        0,
        0,
        -1
    ],
    "SliceThickness":1,
    "DeviceSerialNumber":"35077",
    "SequenceName":"_tfl3d1",
    "Modality":"MR",
    "FlipAngle":10,
    "ReceiveCoilName":"32Ch_Head",
    "PercentPhaseFOV":100,
    "SeriesNumber":10,
    "DwellTime":1.09e-05,
    "AcquisitionNumber":1,
    "EchoTime":0.00291
}