{
    "SAR":0.155324,
    "PhaseResolution":1,
    "ScanningSequence":"GR",
    "InstitutionalDepartmentName":"Department",
    "PulseSequenceDetails":"%SiemensSeq%_gre_field_mapping",
    "ReconMatrixPE":64,
    "SpacingBetweenSlices":3,
    "EchoTime2":0.00501,
    "SliceThickness":3,
    "InPlanePhaseEncodingDirectionDICOM":"COL",
    "StationName":"MEDPC",
    "ImageOrientationPatientDICOM":[
        1,
        2e-16,
        0,
        -2e-16,
        0.92321,
        -0.384295
    ],
    "PixelBandwidth":501,
    "ConversionSoftware":"dcm2niix",
    "Manufacturer":"Siemens",
    "FlipAngle":45,
    "SeriesNumber":5,
    "ManufacturersModelName":"TrioTim",
    "BaseResolution":64,
    "AcquisitionNumber":1,
    "SequenceVariant":"SP",
    "DeviceSerialNumber":"35077",
    "EchoTime":0.00501,
    "ReceiveCoilName":"32Ch_Head",
    "MRAcquisitionType":"2D",
    "AcquisitionTime":"12:07:26.470000",
    "PartialFourier":1,
    "TxRefAmp":300.844,
    "MagneticFieldStrength":3,
    "SeriesDescription":"Fieldmap_rsBOLD",
    "ConversionSoftwareVersion":"v1.0.20180518 GCC4.8.4",
    "ProtocolName":"Fieldmap_rsBOLD",
    "ProcedureStepDescription":"Conte_Core",
    "AcquisitionMatrixPE":64,
    "EchoNumber":2,
    "ImageType":[
        "ORIGINAL",
        "PRIMARY",
        "P",
        "ND"
    ],
    "InstitutionAddress":"Wilson_Avenue_340_Pasadena_California_US_91025",
    "SoftwareVersions":"syngo_MR_B17",
    "ShimSetting":[
        9547,
        -10500,
        15759,
        724,
        88,
        207,
        187,
        -42
    ],
    "Modality":"MR",
    "IntendedFor":["ses-1/func/sub-Cc0061_ses-1_task-rest_run-01_bold.nii.gz",
                   "ses-1/func/sub-Cc0061_ses-1_task-rest_run-02_bold.nii.gz"],
    "PhaseEncodingDirection":"j-",
    "PhaseEncodingSteps":64,
    "InstitutionName":"Caltech_Tim32",
    "DwellTime":1.56e-05,
    "RepetitionTime":0.4,
    "EchoTime1":0.00255,
    "PercentPhaseFOV":100,
    "PatientPosition":"HFS",
    "SequenceName":"_fm2d2"
}