{
    "Modality":"MR",
    "TxRefAmp":255.169,
    "RepetitionTime":2.55,
    "ManufacturersModelName":"Prisma_fit",
    "SliceThickness":0.9,
    "AcquisitionMatrixPE":256,
    "ConsistencyInfo":"N4_VE11C_LATEST_20160120",
    "BaseResolution":256,
    "PulseSequenceDetails":"%CustomerSeq%_tfl_wip900D_VE11C",
    "ImageType":[
        "ORIGINAL",
        "PRIMARY",
        "ECHO",
        "COMBINED",
        "ND"
    ],
    "ProcedureStepDescription":"Conte_Core",
    "ReconMatrixPE":256,
    "StationName":"PRISMA",
    "FlipAngle":8,
    "SeriesDescription":"T1w_combEcho",
    "SoftwareVersions":"syngo_MR_E11",
    "PixelBandwidth":650,
    "ShimSetting":[
        7019,
        -3738,
        7786,
        341,
        87,
        -173,
        -352,
        3
    ],
    "PhaseOversampling":0.1,
    "ImageOrientationPatientDICOM":[
        0,
        1,
        0,
        0,
        0,
        -1
    ],
    "ScanOptions":"IR_WE",
    "DeviceSerialNumber":"167050",
    "PhaseEncodingSteps":282,
    "ProtocolName":"T1w",
    "SAR":0.051527,
    "ConversionSoftwareVersion":"v1.0.20180518 GCC4.8.4",
    "SequenceVariant":"SK_SP_MP_OSP",
    "MagneticFieldStrength":3,
    "AcquisitionNumber":1,
    "ParallelReductionFactorInPlane":2,
    "InstitutionName":"Caltech_Prisma64",
    "ScanningSequence":"GR_IR",
    "AcquisitionTime":"12:10:19.107500",
    "InversionTime":1.15,
    "InstitutionAddress":"Michigan_Ave_320_Pasadena_California_US_91025",
    "ImageComments":"Average_over_all_echoes.",
    "ReceiveCoilName":"Head_32",
    "ConversionSoftware":"dcm2niix",
    "Manufacturer":"Siemens",
    "DwellTime":3e-06,
    "PhaseResolution":1,
    "ReceiveCoilActiveElements":"HEA;HEP",
    "EchoNumber":4,
    "BodyPartExamined":"BRAIN",
    "SeriesNumber":46,
    "InPlanePhaseEncodingDirectionDICOM":"ROW",
    "PercentPhaseFOV":100,
    "PatientPosition":"HFS",
    "InstitutionalDepartmentName":"Department",
    "MRAcquisitionType":"3D",
    "PartialFourier":1,
    "SequenceName":"tfl3d4_16ns"
}