{
    "Modality":"MR",
    "TxRefAmp":247.605,
    "RepetitionTime":5.5,
    "ManufacturersModelName":"Prisma_fit",
    "EchoTime":0.048,
    "DerivedVendorReportedEchoSpacing":0.000490002,
    "SliceThickness":2.5,
    "AcquisitionMatrixPE":80,
    "ConsistencyInfo":"N4_VE11C_LATEST_20160120",
    "BaseResolution":80,
    "PulseSequenceDetails":"%CustomerSeq%_cmrr_mbep2d_se",
    "ImageType":[
        "ORIGINAL",
        "PRIMARY",
        "M",
        "ND",
        "MOSAIC"
    ],
    "ProcedureStepDescription":"Conte_Core",
    "InPlanePhaseEncodingDirectionDICOM":"COL",
    "ReconMatrixPE":80,
    "StationName":"PRISMA",
    "FlipAngle":90,
    "SeriesDescription":"acq-rest_run-01_dir-PA_epi",
    "TotalReadoutTime":0.0425812,
    "SoftwareVersions":"syngo_MR_E11",
    "EchoTrainLength":88,
    "PixelBandwidth":2715,
    "ShimSetting":[
        7025,
        -3719,
        7800,
        343,
        86,
        -247,
        -359,
        46
    ],
    "PhaseOversampling":0.1,
    "ImageOrientationPatientDICOM":[
        1,
        0,
        0,
        0,
        0.939693,
        -0.34202
    ],
    "ScanOptions":"FS",
    "DeviceSerialNumber":"167050",
    "PhaseEncodingSteps":88,
    "ProtocolName":"acq-rest_run-01_dir-PA_epi",
    "EffectiveEchoSpacing":0.000539002,
    "SAR":0.232474,
    "PhaseEncodingDirection":"j",
    "ConversionSoftwareVersion":"v1.0.20180518 GCC4.8.4",
    "SequenceVariant":"SK_OSP",
    "MagneticFieldStrength":3,
    "AcquisitionNumber":1,
    "InstitutionName":"Caltech_Prisma64",
    "ScanningSequence":"EP",
    "SpacingBetweenSlices":2.5,
    "AcquisitionTime":"10:32:28.247500",
    "InstitutionAddress":"Michigan_Ave_320_Pasadena_California_US_91025",
    "ReceiveCoilName":"Head_32",
    "ConversionSoftware":"dcm2niix",
    "Manufacturer":"Siemens",
    "DwellTime":2.3e-06,
    "PhaseResolution":1,
    "ReceiveCoilActiveElements":"HEA;HEP",
    "BodyPartExamined":"BRAIN",
    "SeriesNumber":7,
    "SliceTiming":[
        2.74,
        0,
        2.83,
        0.09,
        2.9225,
        0.1825,
        3.0125,
        0.2725,
        3.105,
        0.365,
        3.195,
        0.455,
        3.2875,
        0.5475,
        3.3775,
        0.6375,
        3.47,
        0.73,
        3.56,
        0.82,
        3.6525,
        0.9125,
        3.7425,
        1.0025,
        3.835,
        1.095,
        3.925,
        1.185,
        4.0175,
        1.2775,
        4.11,
        1.37,
        4.2,
        1.46,
        4.2925,
        1.5525,
        4.3825,
        1.6425,
        4.475,
        1.735,
        4.565,
        1.825,
        4.6575,
        1.9175,
        4.7475,
        2.0075,
        4.84,
        2.1,
        4.93,
        2.19,
        5.0225,
        2.2825,
        5.1125,
        2.3725,
        5.205,
        2.465,
        5.295,
        2.555,
        5.3875,
        2.6475
    ],
    "IntendedFor":"ses-1/func/sub-Cc0053_ses-1_task-rest_run-01_bold.nii.gz",
    "PercentPhaseFOV":100,
    "PatientPosition":"HFS",
    "InstitutionalDepartmentName":"Department",
    "BandwidthPerPixelPhaseEncode":23.191,
    "MRAcquisitionType":"2D",
    "PartialFourier":1,
    "SequenceName":"epse2d1_80"
}