{
    "Modality":"MR",
    "TxRefAmp":247.605,
    "RepetitionTime":5.5,
    "ManufacturersModelName":"Prisma_fit",
    "EchoTime":0.048,
    "DerivedVendorReportedEchoSpacing":0.000490002,
    "SliceThickness":2.5,
    "AcquisitionMatrixPE":80,
    "ConsistencyInfo":"N4_VE11C_LATEST_20160120",
    "BaseResolution":80,
    "PulseSequenceDetails":"%CustomerSeq%_cmrr_mbep2d_se",
    "ImageType":[
        "ORIGINAL",
        "PRIMARY",
        "M",
        "ND",
        "MOSAIC"
    ],
    "ProcedureStepDescription":"Conte_Core",
    "InPlanePhaseEncodingDirectionDICOM":"COL",
    "ReconMatrixPE":80,
    "StationName":"PRISMA",
    "FlipAngle":90,
    "SeriesDescription":"acq-rest_run-02_dir-PA_epi",
    "TotalReadoutTime":0.0425812,
    "SoftwareVersions":"syngo_MR_E11",
    "EchoTrainLength":88,
    "PixelBandwidth":2715,
    "ShimSetting":[
        7025,
        -3719,
        7800,
        343,
        86,
        -247,
        -359,
        46
    ],
    "PhaseOversampling":0.1,
    "ImageOrientationPatientDICOM":[
        1,
        0,
        0,
        0,
        0.939693,
        -0.34202
    ],
    "ScanOptions":"FS",
    "DeviceSerialNumber":"167050",
    "PhaseEncodingSteps":88,
    "ProtocolName":"acq-rest_run-02_dir-PA_epi",
    "EffectiveEchoSpacing":0.000539002,
    "SAR":0.232474,
    "PhaseEncodingDirection":"j",
    "ConversionSoftwareVersion":"v1.0.20180518 GCC4.8.4",
    "SequenceVariant":"SK_OSP",
    "MagneticFieldStrength":3,
    "AcquisitionNumber":1,
    "InstitutionName":"Caltech_Prisma64",
    "ScanningSequence":"EP",
    "SpacingBetweenSlices":2.5,
    "AcquisitionTime":"10:51:7.247500",
    "InstitutionAddress":"Michigan_Ave_320_Pasadena_California_US_91025",
    "ReceiveCoilName":"Head_32",
    "ConversionSoftware":"dcm2niix",
    "Manufacturer":"Siemens",
    "DwellTime":2.3e-06,
    "PhaseResolution":1,
    "ReceiveCoilActiveElements":"HEA;HEP",
    "BodyPartExamined":"BRAIN",
    "SeriesNumber":14,
    "SliceTiming":[
        2.74,
        0,
        2.8325,
        0.0925,
        2.9225,
        0.1825,
        3.015,
        0.275,
        3.105,
        0.365,
        3.1975,
        0.4575,
        3.2875,
        0.55,
        3.38,
        0.64,
        3.4725,
        0.7325,
        3.5625,
        0.8225,
        3.655,
        0.915,
        3.745,
        1.005,
        3.8375,
        1.0975,
        3.9275,
        1.1875,
        4.02,
        1.28,
        4.11,
        1.37,
        4.2025,
        1.4625,
        4.2925,
        1.5525,
        4.385,
        1.645,
        4.475,
        1.735,
        4.5675,
        1.8275,
        4.6575,
        1.9175,
        4.75,
        2.01,
        4.8425,
        2.1025,
        4.9325,
        2.1925,
        5.025,
        2.285,
        5.115,
        2.375,
        5.2075,
        2.4675,
        5.2975,
        2.5575,
        5.39,
        2.65
    ],
    "IntendedFor":"ses-1/func/sub-Cc0053_ses-1_task-rest_run-02_bold.nii.gz",
    "PercentPhaseFOV":100,
    "PatientPosition":"HFS",
    "InstitutionalDepartmentName":"Department",
    "BandwidthPerPixelPhaseEncode":23.191,
    "MRAcquisitionType":"2D",
    "PartialFourier":1,
    "SequenceName":"epse2d1_80"
}