{
    "SAR":0.0888545,
    "PhaseResolution":1,
    "ScanningSequence":"EP",
    "InstitutionalDepartmentName":"Department",
    "PulseSequenceDetails":"%CustomerSeq%_cmrr_mbep2d_bold",
    "ReconMatrixPE":80,
    "SliceTiming":[
        0,
        0.215,
        0.43,
        0.6475,
        0.8625,
        0.0725,
        0.2875,
        0.5025,
        0.7175,
        0.9325,
        0.145,
        0.36,
        0.575,
        0.79,
        0,
        0.215,
        0.43,
        0.6475,
        0.8625,
        0.0725,
        0.2875,
        0.5025,
        0.7175,
        0.9325,
        0.145,
        0.36,
        0.575,
        0.79,
        0,
        0.215,
        0.43,
        0.6475,
        0.8625,
        0.0725,
        0.2875,
        0.5025,
        0.7175,
        0.9325,
        0.145,
        0.36,
        0.575,
        0.79,
        0,
        0.215,
        0.43,
        0.6475,
        0.8625,
        0.0725,
        0.2875,
        0.5025,
        0.7175,
        0.9325,
        0.145,
        0.36,
        0.575,
        0.79
    ],
    "SpacingBetweenSlices":2.5,
    "SliceThickness":2.5,
    "TotalReadoutTime":0.0426603,
    "InPlanePhaseEncodingDirectionDICOM":"COL",
    "DerivedVendorReportedEchoSpacing":0.000540003,
    "StationName":"MEDPC",
    "ImageOrientationPatientDICOM":[
        1,
        2e-16,
        0,
        -2e-16,
        0.92321,
        -0.384295
    ],
    "PixelBandwidth":2404,
    "ConversionSoftware":"dcm2niix",
    "Manufacturer":"Siemens",
    "FlipAngle":60,
    "SeriesNumber":3,
    "ManufacturersModelName":"TrioTim",
    "BaseResolution":80,
    "AcquisitionNumber":1,
    "SequenceVariant":"SK_SS",
    "BandwidthPerPixelPhaseEncode":23.148,
    "DeviceSerialNumber":"35077",
    "EchoTime":0.03,
    "ReceiveCoilName":"32Ch_Head",
    "MRAcquisitionType":"2D",
    "AcquisitionTime":"12:00:11.400000",
    "PartialFourier":1,
    "ImageComments":"Unaliased_MB4_PE3",
    "TxRefAmp":300.844,
    "MagneticFieldStrength":3,
    "SeriesDescription":"rsBOLD_MB_1",
    "ScanOptions":"FS",
    "ProtocolName":"rsBOLD_MB_1",
    "TaskName":"rest",
    "ProcedureStepDescription":"Conte_Core",
    "AcquisitionMatrixPE":80,
    "ImageType":[
        "ORIGINAL",
        "PRIMARY",
        "M",
        "MB",
        "ND",
        "MOSAIC"
    ],
    "MultibandAccelerationFactor":4,
    "InstitutionAddress":"Wilson_Avenue_340_Pasadena_California_US_91025",
    "EffectiveEchoSpacing":0.000540003,
    "SoftwareVersions":"syngo_MR_B17",
    "ShimSetting":[
        9547,
        -10500,
        15761,
        728,
        87,
        203,
        187,
        -42
    ],
    "Modality":"MR",
    "ConversionSoftwareVersion":"v1.0.20180518 GCC4.8.4",
    "PhaseEncodingDirection":"j-",
    "PhaseEncodingSteps":80,
    "InstitutionName":"Caltech_Tim32",
    "DwellTime":2.6e-06,
    "RepetitionTime":1,
    "PercentPhaseFOV":100,
    "PatientPosition":"HFS",
    "SequenceName":"epfid2d1_80"
}