{
    "Modality":"MR",
    "TxRefAmp":247.605,
    "RepetitionTime":0.7,
    "ManufacturersModelName":"Prisma_fit",
    "EchoTime":0.03,
    "DerivedVendorReportedEchoSpacing":0.000490002,
    "SliceThickness":2.5,
    "AcquisitionMatrixPE":80,
    "ConsistencyInfo":"N4_VE11C_LATEST_20160120",
    "BaseResolution":80,
    "PulseSequenceDetails":"%CustomerSeq%_cmrr_mbep2d_bold",
    "ImageType":[
        "ORIGINAL",
        "PRIMARY",
        "M",
        "MB",
        "ND",
        "MOSAIC"
    ],
    "ProcedureStepDescription":"Conte_Core",
    "InPlanePhaseEncodingDirectionDICOM":"COL",
    "ReconMatrixPE":80,
    "MultibandAccelerationFactor":6,
    "StationName":"PRISMA",
    "FlipAngle":53,
    "SeriesDescription":"task-rest_run-02_bold",
    "TotalReadoutTime":0.0425812,
    "SoftwareVersions":"syngo_MR_E11",
    "EchoTrainLength":88,
    "PixelBandwidth":2715,
    "ShimSetting":[
        7025,
        -3719,
        7800,
        343,
        86,
        -247,
        -359,
        46
    ],
    "PhaseOversampling":0.1,
    "ImageOrientationPatientDICOM":[
        1,
        0,
        0,
        0,
        0.939693,
        -0.34202
    ],
    "ScanOptions":"FS_EXT",
    "DeviceSerialNumber":"167050",
    "PhaseEncodingSteps":88,
    "ProtocolName":"task-rest_run-02_bold",
    "EffectiveEchoSpacing":0.000539002,
    "SAR":0.0875476,
    "PhaseEncodingDirection":"j-",
    "ConversionSoftwareVersion":"v1.0.20180518 GCC4.8.4",
    "SequenceVariant":"SK_SS_OSP",
    "MagneticFieldStrength":3,
    "AcquisitionNumber":1,
    "TaskName":"rest",
    "InstitutionName":"Caltech_Prisma64",
    "ScanningSequence":"EP",
    "SpacingBetweenSlices":2.5,
    "AcquisitionTime":"10:53:1.857500",
    "InstitutionAddress":"Michigan_Ave_320_Pasadena_California_US_91025",
    "ImageComments":"Unaliased_MB6_PE3_LB",
    "ReceiveCoilName":"Head_32",
    "ConversionSoftware":"dcm2niix",
    "Manufacturer":"Siemens",
    "DwellTime":2.3e-06,
    "PhaseResolution":1,
    "ReceiveCoilActiveElements":"HEA;HEP",
    "BodyPartExamined":"BRAIN",
    "SeriesNumber":16,
    "SliceTiming":[
        0,
        0.475,
        0.2725,
        0.0675,
        0.5425,
        0.34,
        0.135,
        0.6125,
        0.4075,
        0.2025,
        0,
        0.475,
        0.2725,
        0.0675,
        0.5425,
        0.34,
        0.135,
        0.6125,
        0.4075,
        0.2025,
        0,
        0.475,
        0.2725,
        0.0675,
        0.5425,
        0.34,
        0.135,
        0.6125,
        0.4075,
        0.2025,
        0,
        0.475,
        0.2725,
        0.0675,
        0.5425,
        0.34,
        0.135,
        0.6125,
        0.4075,
        0.2025,
        0,
        0.475,
        0.2725,
        0.0675,
        0.5425,
        0.34,
        0.135,
        0.6125,
        0.4075,
        0.2025,
        0,
        0.475,
        0.2725,
        0.0675,
        0.5425,
        0.34,
        0.135,
        0.6125,
        0.4075,
        0.2025
    ],
    "PercentPhaseFOV":100,
    "PatientPosition":"HFS",
    "InstitutionalDepartmentName":"Department",
    "BandwidthPerPixelPhaseEncode":23.191,
    "MRAcquisitionType":"2D",
    "PartialFourier":1,
    "SequenceName":"epfid2d1_80"
}