{
    "ReconMatrixPE":80,
    "PatientPosition":"HFS",
    "BaseResolution":80,
    "MRAcquisitionType":"2D",
    "PartialFourier":1,
    "PhaseEncodingSteps":80,
    "PixelBandwidth":2404,
    "ConversionSoftwareVersion":"v1.0.20171017 GCC4.8.4",
    "PhaseResolution":1,
    "SeriesDescription":"rsBOLD_MB_2",
    "AcquisitionMatrixPE":80,
    "PhaseEncodingDirection":"j-",
    "SoftwareVersions":"syngo_MR_B17",
    "InstitutionAddress":"Wilson_Avenue_340_Pasadena_California_US_91025",
    "ProtocolName":"rsBOLD_MB_2",
    "MagneticFieldStrength":3,
    "RepetitionTime":1,
    "DerivedVendorReportedEchoSpacing":0.000540003,
    "ManufacturersModelName":"TrioTim",
    "TxRefAmp":300.798,
    "ScanOptions":"FS",
    "MultibandAccelerationFactor":4,
    "AcquisitionTime":"16:14:54.890000",
    "TotalReadoutTime":0.0426603,
    "Manufacturer":"Siemens",
    "ImageComments":"Unaliased_MB4_PE3",
    "PulseSequenceDetails":"%CustomerSeq%_cmrr_mbep2d_bold",
    "ConversionSoftware":"dcm2niix",
    "SAR":0.104474,
    "InstitutionalDepartmentName":"Department",
    "SequenceVariant":"SK_SS",
    "ProcedureStepDescription":"Conte_Core",
    "ScanningSequence":"EP",
    "TaskName":"rest",
    "InstitutionName":"Caltech_Tim32",
    "ImageType":[
        "ORIGINAL",
        "PRIMARY",
        "M",
        "MB",
        "ND",
        "MOSAIC"
    ],
    "SpacingBetweenSlices":2.5,
    "SliceTiming":[
        0,
        0.215,
        0.43,
        0.645,
        0.86,
        0.0725,
        0.2875,
        0.5025,
        0.7175,
        0.9325,
        0.1425,
        0.36,
        0.575,
        0.79,
        0,
        0.215,
        0.43,
        0.645,
        0.86,
        0.0725,
        0.2875,
        0.5025,
        0.7175,
        0.9325,
        0.1425,
        0.36,
        0.575,
        0.79,
        0,
        0.215,
        0.43,
        0.645,
        0.86,
        0.0725,
        0.2875,
        0.5025,
        0.7175,
        0.9325,
        0.1425,
        0.36,
        0.575,
        0.79,
        0,
        0.215,
        0.43,
        0.645,
        0.86,
        0.0725,
        0.2875,
        0.5025,
        0.7175,
        0.9325,
        0.1425,
        0.36,
        0.575,
        0.79
    ],
    "StationName":"MEDPC",
    "ShimSetting":[
        9526,
        -10409,
        15727,
        730,
        -205,
        337,
        -46,
        15
    ],
    "InPlanePhaseEncodingDirectionDICOM":"COL",
    "ImageOrientationPatientDICOM":[
        1,
        0,
        0,
        0,
        0.912834,
        -0.40833
    ],
    "BandwidthPerPixelPhaseEncode":23.148,
    "SliceThickness":2.5,
    "DeviceSerialNumber":"35077",
    "SequenceName":"epfid2d1_80",
    "EffectiveEchoSpacing":0.000540003,
    "Modality":"MR",
    "FlipAngle":60,
    "ReceiveCoilName":"32Ch_Head",
    "PercentPhaseFOV":100,
    "SeriesNumber":5,
    "DwellTime":2.6e-06,
    "AcquisitionNumber":1,
    "EchoTime":0.03
}