{
    "SAR":0.0886154,
    "PhaseResolution":1,
    "ScanningSequence":"GR_IR",
    "PhaseOversampling":0.1,
    "InstitutionalDepartmentName":"Department",
    "PulseSequenceDetails":"%SiemensSeq%_tfl",
    "ReconMatrixPE":256,
    "SliceThickness":1,
    "InPlanePhaseEncodingDirectionDICOM":"ROW",
    "StationName":"MEDPC",
    "ImageOrientationPatientDICOM":[
        0,
        1,
        0,
        0,
        0,
        -1
    ],
    "PixelBandwidth":210,
    "ConversionSoftware":"dcm2niix",
    "Manufacturer":"Siemens",
    "FlipAngle":8,
    "SeriesNumber":17,
    "ManufacturersModelName":"TrioTim",
    "BaseResolution":256,
    "AcquisitionNumber":1,
    "SequenceVariant":"SP_MP_OSP",
    "DeviceSerialNumber":"35077",
    "EchoTime":0.00256,
    "ReceiveCoilName":"32Ch_Head",
    "MRAcquisitionType":"3D",
    "AcquisitionTime":"12:34:33.682500",
    "PartialFourier":1,
    "ParallelReductionFactorInPlane":2,
    "TxRefAmp":300.844,
    "MagneticFieldStrength":3,
    "SeriesDescription":"T1w_3D_2",
    "ScanOptions":"IR_DB_WE",
    "ProtocolName":"T1w_3D_2",
    "ProcedureStepDescription":"Conte_Core",
    "AcquisitionMatrixPE":256,
    "ImageType":[
        "ORIGINAL",
        "PRIMARY",
        "M",
        "NORM",
        "DIS2D"
    ],
    "InstitutionAddress":"Wilson_Avenue_340_Pasadena_California_US_91025",
    "SoftwareVersions":"syngo_MR_B17",
    "ShimSetting":[
        9546,
        -10535,
        15709,
        558,
        91,
        51,
        196,
        -36
    ],
    "Modality":"MR",
    "ConversionSoftwareVersion":"v1.0.20180518 GCC4.8.4",
    "PhaseEncodingSteps":282,
    "InstitutionName":"Caltech_Tim32",
    "DwellTime":9.3e-06,
    "RepetitionTime":2.4,
    "InversionTime":1,
    "PercentPhaseFOV":100,
    "PatientPosition":"HFS",
    "SequenceName":"_tfl3d1"
}