{
    "ReconMatrixPE":64,
    "PatientPosition":"HFS",
    "BaseResolution":64,
    "MRAcquisitionType":"2D",
    "PartialFourier":1,
    "PhaseEncodingSteps":64,
    "ConversionSoftwareVersion":"v1.0.20171017 GCC4.8.4",
    "PhaseResolution":1,
    "SeriesDescription":"Fieldmap_rsBOLD",
    "AcquisitionMatrixPE":64,
    "PhaseEncodingDirection":"j-",
    "SoftwareVersions":"syngo_MR_B17",
    "InstitutionAddress":"Wilson_Avenue_340_Pasadena_California_US_91025",
    "ProtocolName":"Fieldmap_rsBOLD",
    "MagneticFieldStrength":3,
    "RepetitionTime":0.4,
    "EchoTime2":0.00501,
    "ManufacturersModelName":"TrioTim",
    "TxRefAmp":306.278,
    "AcquisitionTime":"14:29:7.087500",
    "Manufacturer":"Siemens",
    "PixelBandwidth":501,
    "PulseSequenceDetails":"%SiemensSeq%_gre_field_mapping",
    "ConversionSoftware":"dcm2niix",
    "SAR":0.167964,
    "InstitutionalDepartmentName":"Department",
    "EchoTime1":0.00255,
    "SequenceVariant":"SP",
    "ProcedureStepDescription":"Conte_Core",
    "ScanningSequence":"GR",
    "InstitutionName":"Caltech_Tim32",
    "ImageType":[
        "ORIGINAL",
        "PRIMARY",
        "P",
        "ND"
    ],
    "SpacingBetweenSlices":3,
    "IntendedFor":[
        "ses-1/func/sub-Cc0124_ses-1_task-rest_run-01_bold.nii.gz",
        "ses-1/func/sub-Cc0124_ses-1_task-rest_run-02_bold.nii.gz"
    ],
    "StationName":"MEDPC",
    "EchoNumber":2,
    "ShimSetting":[
        9504,
        -10605,
        15552,
        718,
        -249,
        -438,
        -361,
        31
    ],
    "InPlanePhaseEncodingDirectionDICOM":"COL",
    "ImageOrientationPatientDICOM":[
        1,
        -1e-16,
        0,
        1e-16,
        0.939693,
        -0.34202
    ],
    "SliceThickness":3,
    "DeviceSerialNumber":"35077",
    "SequenceName":"_fm2d2",
    "Modality":"MR",
    "FlipAngle":45,
    "ReceiveCoilName":"32Ch_Head",
    "PercentPhaseFOV":100,
    "SeriesNumber":5,
    "DwellTime":1.56e-05,
    "AcquisitionNumber":1,
    "EchoTime":0.00501
}